GEM
  remote: https://rubygems.org/
  specs:
    amazon-ecs (2.2.4)
      nokogiri (~> 1.4)
      ruby-hmac (~> 0.3)
    diff-lcs (1.2.4)
    dotenv (0.7.0)
    faraday (0.8.7)
      multipart-post (~> 1.1)
    htmlentities (4.3.1)
    multi_json (1.7.6)
    multipart-post (1.2.0)
    nokogiri (1.5.10)
    rspec (2.13.0)
      rspec-core (~> 2.13.0)
      rspec-expectations (~> 2.13.0)
      rspec-mocks (~> 2.13.0)
    rspec-core (2.13.1)
    rspec-expectations (2.13.0)
      diff-lcs (>= 1.1.3, < 2.0)
    rspec-mocks (2.13.1)
    ruby-hmac (0.4.0)
    sanitize (2.0.3)
      nokogiri (>= 1.4.4, < 1.6)
    simple_oauth (0.2.0)
    twitter (4.7.0)
      faraday (~> 0.8, < 0.10)
      multi_json (~> 1.0)
      simple_oauth (~> 0.2)

PLATFORMS
  ruby

DEPENDENCIES
  amazon-ecs
  dotenv
  htmlentities
  rspec
  sanitize
  twitter

BUNDLED WITH
   1.10.6
